GEM
  remote: https://rubygems.org/
  specs:
    coderay (1.1.0)
    colorize (0.7.3)
    fileutils (0.7)
      rmagick (>= 2.13.1)
    method_source (0.8.2)
    pry (0.10.1)
      coderay (~> 1.1.0)
      method_source (~> 0.8.1)
      slop (~> 3.4)
    rmagick (2.13.3)
    rubyzip (1.1.6)
    slop (3.6.0)

PLATFORMS
  ruby

DEPENDENCIES
  colorize
  fileutils
  pry
  rubyzip
